GEM
  remote: https://rubygems.org/
  specs:
    coderay (1.1.3)
    faraday (1.1.0)
      multipart-post (>= 1.2, < 3)
      ruby2_keywords
    method_source (1.0.0)
    multipart-post (2.1.1)
    pry (0.13.1)
      coderay (~> 1.1)
      method_source (~> 1.0)
    ruby2_keywords (0.0.2)

PLATFORMS
  ruby
  x64-mingw32

DEPENDENCIES
  faraday (~> 1.1)
  pry (~> 0.13.1)

BUNDLED WITH
   2.1.4
